GEM
  remote: https://rubygems.org/
  specs:
    active_utils (1.0.1)
      activesupport (>= 2.3.11)
      i18n
    activemerchant (1.18.1)
      active_utils (>= 1.0.1)
      activesupport (>= 2.3.11)
      braintree (>= 2.0.0)
      builder (>= 2.0.0)
      i18n
      json (>= 1.5.1)
      money
    activesupport (3.1.0)
      multi_json (~> 1.0)
    braintree (2.12.0)
      builder (>= 2.0.0)
    builder (3.0.0)
    diff-lcs (1.2.5)
    fakeweb (1.3.0)
    i18n (0.6.0)
    json (1.6.1)
    money (3.7.1)
      i18n (~> 0.4)
    multi_json (1.0.3)
    rspec (2.14.1)
      rspec-core (~> 2.14.0)
      rspec-expectations (~> 2.14.0)
      rspec-mocks (~> 2.14.0)
    rspec-core (2.14.7)
    rspec-expectations (2.14.5)
      diff-lcs (>= 1.1.3, < 2.0)
    rspec-mocks (2.14.6)
    yajl-ruby (1.2.0)

PLATFORMS
  ruby

DEPENDENCIES
  activemerchant
  builder
  fakeweb (~> 1.3)
  rspec (= 2.14.1)
  yajl-ruby (= 1.2.0)
